GEM
  remote: http://rubygems.org/
  specs:
    activemodel (3.2.1)
      activesupport (= 3.2.1)
      builder (~> 3.0.0)
    activesupport (3.2.1)
      i18n (~> 0.6)
      multi_json (~> 1.0)
    builder (3.0.0)
    couch_potato (0.6.0)
      activemodel
      couchrest (>= 1.0.1)
      json (~> 1.6.0)
    couchrest (1.1.2)
      mime-types (~> 1.15)
      multi_json (~> 1.0.0)
      rest-client (~> 1.6.1)
    daemons (1.1.5)
    eventmachine (0.12.10)
    i18n (0.6.0)
    json (1.6.5)
    mime-types (1.17.2)
    multi_json (1.0.4)
    rack (1.4.0)
    rest-client (1.6.7)
      mime-types (>= 1.16)
    sinatra (1.1.0)
      rack (~> 1.1)
      tilt (~> 1.1)
    thin (1.2.7)
      daemons (>= 1.0.9)
      eventmachine (>= 0.12.6)
      rack (>= 1.0.0)
    tilt (1.3.3)

PLATFORMS
  ruby

DEPENDENCIES
  couch_potato
  couchrest
  i18n
  sinatra (= 1.1.0)
  thin (= 1.2.7)
